GEM
  remote: https://rubygems.org/
  specs:
    coderay (1.1.3)
    cosmos (4.5.0)
      bundler (>= 1.3)
      httpclient (~> 2.8)
      json (>= 1.5, < 3)
      nokogiri (~> 1.10)
      opengl-bindings (~> 1.6)
      pry (~> 0.9)
      pry-doc (~> 0.5)
      puma (~> 3.10)
      qtbindings (~> 4.8.6, >= 4.8.6.2)
      rack (~> 2.0)
      rake (>= 10.0)
      rdoc (>= 4)
      rubyzip (~> 1.2)
      snmp (~> 1.0)
      uuidtools (~> 2.1)
      yard (~> 0.9.11)
    httpclient (2.8.3)
    json (2.5.1)
    method_source (1.0.0)
    nokogiri (1.11.7-x64-mingw32)
      racc (~> 1.4)
    nokogiri (1.11.7-x86_64-darwin)
      racc (~> 1.4)
    opengl-bindings (1.6.11)
    pry (0.14.1)
      coderay (~> 1.1)
      method_source (~> 1.0)
    pry-doc (0.13.5)
      pry (~> 0.11)
      yard (~> 0.9.11)
    puma (3.12.6)
    qtbindings (4.8.6.5)
    qtbindings (4.8.6.5-x64-mingw32)
      qtbindings-qt (~> 4.8.6.0, >= 4.8.6.4)
    qtbindings-qt (4.8.6.4-x64-mingw32)
    racc (1.5.2)
    rack (2.2.3)
    rake (13.0.3)
    rdoc (6.3.1)
    ruby-termios (1.1.0)
    rubyzip (1.3.0)
    snmp (1.3.2)
    uuidtools (2.2.0)
    yard (0.9.26)

PLATFORMS
  x64-mingw32
  x86_64-darwin-20

DEPENDENCIES
  cosmos
  ruby-termios (>= 0.9)

BUNDLED WITH
   2.2.11
